GIT
  remote: git://github.com/rweng/jquery-datatables-rails.git
  revision: 788a7b24caf8fe58a5493aa3f6a065879a9f752a
  specs:
    jquery-datatables-rails (1.12.2)
      jquery-rails
      sass-rails

GIT
  remote: git://github.com/sethherr/soulmate.git
  revision: 1056a323ccfeb228de6b8a1b2ef72f6838f1b5a8
  specs:
    soulmate (1.1.0)
      multi_json (>= 1.0)
      redis (>= 3.0)
      sinatra (>= 1.0)
      vegas (>= 0.1.0)

GIT
  remote: https://github.com/bkeepers/dotenv
  revision: 8c6417a3fdecd32c8a739a4c594a515f44be268c
  specs:
    dotenv (0.11.1)
      dotenv-deployment (~> 0.0.2)
    dotenv-rails (0.11.1)
      dotenv (= 0.11.1)

GIT
  remote: https://github.com/stripe/stripe-ruby
  revision: 48f76057f425ab5c3bb147f3d71c3d36d951159f
  specs:
    stripe (1.11.0)
      json (~> 1.8.1)
      mime-types (~> 1.25)
      rest-client (~> 1.4)

GEM
  remote: http://rubygems.org/
  specs:
    actionmailer (3.2.20)
      actionpack (= 3.2.20)
      mail (~> 2.5.4)
    actionpack (3.2.20)
      activemodel (= 3.2.20)
      activesupport (= 3.2.20)
      builder (~> 3.0.0)
      erubis (~> 2.7.0)
      journey (~> 1.0.4)
      rack (~> 1.4.5)
      rack-cache (~> 1.2)
      rack-test (~> 0.6.1)
      sprockets (~> 2.2.1)
    active_model_serializers (0.8.1)
      activemodel (>= 3.0)
    activemodel (3.2.20)
      activesupport (= 3.2.20)
      builder (~> 3.0.0)
    activerecord (3.2.20)
      activemodel (= 3.2.20)
      activesupport (= 3.2.20)
      arel (~> 3.0.2)
      tzinfo (~> 0.3.29)
    activeresource (3.2.20)
      activemodel (= 3.2.20)
      activesupport (= 3.2.20)
    activesupport (3.2.20)
      i18n (~> 0.6, >= 0.6.4)
      multi_json (~> 1.0)
    acts_as_paranoid (0.4.2)
      activerecord (~> 3.2)
    arel (3.0.3)
    aws-sdk (1.3.9)
      httparty (~> 0.7)
      json (~> 1.4)
      nokogiri (>= 1.4.4)
      uuidtools (~> 2.1)
    backbone-on-rails (0.9.10.0)
      eco
      ejs
      jquery-rails
      rails (>= 3.1)
    bcrypt-ruby (3.0.1)
    brakeman (2.4.3)
      erubis (~> 2.6)
      fastercsv (~> 1.5)
      haml (>= 3.0, < 5.0)
      highline (~> 1.6.20)
      multi_json (~> 1.2)
      ruby2ruby (~> 2.0.5)
      ruby_parser (~> 3.4.0)
      sass (~> 3.0)
      slim (>= 1.3.6, < 3.0)
      terminal-table (~> 1.4)
    builder (3.0.4)
    bullet (4.8.0)
      activesupport
      uniform_notifier (>= 1.4.0)
    carrierwave (0.9.0)
      activemodel (>= 3.2.0)
      activesupport (>= 3.2.0)
      json (>= 1.7)
    carrierwave_backgrounder (0.3.0)
      carrierwave (~> 0.5)
    celluloid (0.15.2)
      timers (~> 1.1.0)
    chartkick (1.3.2)
    chronic (0.10.2)
    codeclimate-test-reporter (0.3.0)
      simplecov (>= 0.7.1, < 1.0.0)
    coderay (1.1.0)
    coffee-rails (3.2.2)
      coffee-script (>= 2.2.0)
      railties (~> 3.2.0)
    coffee-script (2.2.0)
      coffee-script-source
      execjs
    coffee-script-source (1.7.0)
    connection_pool (2.0.0)
    dalli (2.7.0)
    database_cleaner (1.2.0)
    diff-lcs (1.2.5)
    docile (1.1.3)
    doorkeeper (1.4.0)
      railties (>= 3.1)
    dotenv-deployment (0.0.2)
    draper (1.3.0)
      actionpack (>= 3.0)
      activemodel (>= 3.0)
      activesupport (>= 3.0)
      request_store (~> 1.0.3)
    eco (1.0.0)
      coffee-script
      eco-source
      execjs
    eco-source (1.1.0.rc.1)
    ejs (1.1.1)
    em-websocket (0.5.1)
      eventmachine (>= 0.12.9)
      http_parser.rb (~> 0.6.0)
    erubis (2.7.0)
    eventmachine (1.0.3)
    excon (0.14.3)
    execjs (2.0.2)
    factory_girl (4.4.0)
      activesupport (>= 3.0.0)
    factory_girl_rails (4.4.1)
      factory_girl (~> 4.4.0)
      railties (>= 3.0.0)
    faraday (0.9.0)
      multipart-post (>= 1.2, < 3)
    fastercsv (1.5.5)
    ffi (1.9.3)
    fog (1.4.0)
      builder
      excon (~> 0.14.0)
      formatador (~> 0.2.0)
      mime-types
      multi_json (~> 1.0)
      net-scp (~> 1.0.4)
      net-ssh (>= 2.1.3)
      nokogiri (~> 1.5.0)
      ruby-hmac
    foreman (0.63.0)
      dotenv (>= 0.7)
      thor (>= 0.13.6)
    formatador (0.2.5)
    geocoder (1.2.5)
    groupdate (2.2.1)
      activesupport (>= 3)
    growl (1.0.3)
    guard (2.6.1)
      formatador (>= 0.2.4)
      listen (~> 2.7)
      lumberjack (~> 1.0)
      pry (>= 0.9.12)
      thor (>= 0.18.1)
    guard-livereload (1.4.0)
      em-websocket (>= 0.5.0)
      guard (>= 1.8.0)
      multi_json (~> 1.7)
    guard-rspec (4.2.10)
      guard (~> 2.1)
      rspec (>= 2.14, < 4.0)
    haml (3.1.8)
    haml-rails (0.3.5)
      actionpack (>= 3.1, < 4.1)
      activesupport (>= 3.1, < 4.1)
      haml (~> 3.1)
      railties (>= 3.1, < 4.1)
    hashie (2.1.1)
    high_voltage (2.1.0)
    highline (1.6.21)
    hike (1.2.3)
    http_parser.rb (0.6.0)
    httparty (0.13.1)
      json (~> 1.8)
      multi_xml (>= 0.5.2)
    i18n (0.6.11)
    journey (1.0.4)
    jquery-rails (3.1.0)
      railties (>= 3.0, < 5.0)
      thor (>= 0.14, < 2.0)
    json (1.8.1)
    jwt (0.1.11)
      multi_json (>= 1.5)
    kgio (2.9.2)
    libv8 (3.16.14.7)
    listen (2.7.9)
      celluloid (>= 0.15.2)
      rb-fsevent (>= 0.9.3)
      rb-inotify (>= 0.9)
    lumberjack (1.0.9)
    mail (2.5.4)
      mime-types (~> 1.16)
      treetop (~> 1.4.8)
    method_source (0.8.2)
    mime-types (1.25.1)
    mini_magick (3.7.0)
      subexec (~> 0.2.1)
    mock_redis (0.13.2)
    money (5.0.0)
      i18n (~> 0.4)
      json
    money-rails (0.5.0)
      activesupport (~> 3.0)
      money (~> 5.0.0)
      railties (~> 3.0)
    multi_json (1.10.1)
    multi_xml (0.5.5)
    multipart-post (2.0.0)
    net-scp (1.0.4)
      net-ssh (>= 1.99.1)
    net-ssh (2.8.0)
    nokogiri (1.5.11)
    oauth2 (0.9.3)
      faraday (>= 0.8, < 0.10)
      jwt (~> 0.1.8)
      multi_json (~> 1.3)
      multi_xml (~> 0.5)
      rack (~> 1.2)
    omniauth (1.2.1)
      hashie (>= 1.2, < 3)
      rack (~> 1.0)
    omniauth-facebook (1.6.0)
      omniauth-oauth2 (~> 1.1)
    omniauth-oauth2 (1.1.2)
      faraday (>= 0.8, < 0.10)
      multi_json (~> 1.3)
      oauth2 (~> 0.9.3)
      omniauth (~> 1.2)
    pg (0.17.1)
    pg_search (0.7.3)
      activerecord (>= 3.1)
      activesupport (>= 3.1)
      arel
    polyglot (0.3.5)
    pry (0.10.0)
      coderay (~> 1.1.0)
      method_source (~> 0.8.1)
      slop (~> 3.4)
    rack (1.4.5)
    rack-cache (1.2)
      rack (>= 0.4)
    rack-contrib (1.1.0)
      rack (>= 0.9.1)
    rack-protection (1.5.3)
      rack
    rack-ssl (1.3.4)
      rack
    rack-test (0.6.2)
      rack (>= 1.0)
    rails (3.2.20)
      actionmailer (= 3.2.20)
      actionpack (= 3.2.20)
      activerecord (= 3.2.20)
      activeresource (= 3.2.20)
      activesupport (= 3.2.20)
      bundler (~> 1.0)
      railties (= 3.2.20)
    railties (3.2.20)
      actionpack (= 3.2.20)
      activesupport (= 3.2.20)
      rack-ssl (~> 1.3.2)
      rake (>= 0.8.7)
      rdoc (~> 3.4)
      thor (>= 0.14.6, < 2.0)
    raindrops (0.13.0)
    rake (10.3.2)
    rb-fsevent (0.9.4)
    rb-inotify (0.9.5)
      ffi (>= 0.5.0)
    rb-readline (0.5.1)
    rdiscount (2.1.7.1)
    rdoc (3.12.2)
      json (~> 1.4)
    redis (3.0.7)
    redis-namespace (1.4.1)
      redis (~> 3.0.4)
    ref (1.0.5)
    request_store (1.0.5)
    rest-client (1.6.7)
      mime-types (>= 1.16)
    rmagick (2.13.2)
    rqrcode (0.4.2)
    rqrcode-rails3 (0.1.7)
      rqrcode (>= 0.4.2)
    rspec (2.14.1)
      rspec-core (~> 2.14.0)
      rspec-expectations (~> 2.14.0)
      rspec-mocks (~> 2.14.0)
    rspec-core (2.14.8)
    rspec-expectations (2.14.5)
      diff-lcs (>= 1.1.3, < 2.0)
    rspec-mocks (2.14.6)
    rspec-rails (2.14.2)
      actionpack (>= 3.0)
      activemodel (>= 3.0)
      activesupport (>= 3.0)
      railties (>= 3.0)
      rspec-core (~> 2.14.0)
      rspec-expectations (~> 2.14.0)
      rspec-mocks (~> 2.14.0)
    rspec-sidekiq (1.0.0)
      rspec (>= 2.0.0)
      sidekiq (>= 2.4.0)
    ruby-hmac (0.4.0)
    ruby2ruby (2.0.8)
      ruby_parser (~> 3.1)
      sexp_processor (~> 4.0)
    ruby_gntp (0.3.4)
    ruby_parser (3.4.1)
      sexp_processor (~> 4.1)
    sass (3.3.5)
    sass-rails (3.2.6)
      railties (~> 3.2.0)
      sass (>= 3.1.10)
      tilt (~> 1.3)
    sexp_processor (4.4.3)
    should_clean (0.0.3)
    shoulda-matchers (2.6.0)
      activesupport (>= 3.0.0)
    sidekiq (3.0.1)
      celluloid (>= 0.15.2)
      connection_pool (>= 2.0.0)
      json
      redis (>= 3.0.6)
      redis-namespace (>= 1.3.1)
    sidekiq-failures (0.4.1)
      sidekiq (>= 2.16.0)
    sidekiq-unique-jobs (3.0.2)
      mock_redis
      sidekiq (>= 2.6)
    simplecov (0.8.2)
      docile (~> 1.1.0)
      multi_json
      simplecov-html (~> 0.8.0)
    simplecov-html (0.8.0)
    sinatra (1.4.5)
      rack (~> 1.4)
      rack-protection (~> 1.4)
      tilt (~> 1.3, >= 1.3.4)
    sitemap_generator (5.0.2)
      builder
    slim (2.0.2)
      temple (~> 0.6.6)
      tilt (>= 1.3.3, < 2.1)
    slop (3.5.0)
    sprockets (2.2.3)
      hike (~> 1.2)
      multi_json (~> 1.0)
      rack (~> 1.0)
      tilt (~> 1.1, != 1.3.0)
    strong_parameters (0.2.3)
      actionpack (~> 3.0)
      activemodel (~> 3.0)
      activesupport (~> 3.0)
      railties (~> 3.0)
    subexec (0.2.3)
    temple (0.6.7)
    terminal-table (1.4.5)
    therubyracer (0.12.1)
      libv8 (~> 3.16.14.0)
      ref
    thor (0.19.1)
    tilt (1.4.1)
    timers (1.1.0)
    treetop (1.4.15)
      polyglot
      polyglot (>= 0.3.1)
    tzinfo (0.3.42)
    uglifier (2.5.0)
      execjs (>= 0.3.0)
      json (>= 1.8.0)
    unicorn (4.8.2)
      kgio (~> 2.6)
      rack
      raindrops (~> 0.7)
    unicorn-worker-killer (0.4.2)
      unicorn (~> 4)
    uniform_notifier (1.4.0)
    uuidtools (2.1.4)
    vegas (0.1.11)
      rack (>= 1.0.0)
    whenever (0.9.0)
      activesupport (>= 2.3.4)
      chronic (>= 0.6.3)
    wicked_pdf (0.10.2)
      rails
    will_paginate (3.0.5)
    wkhtmltopdf-binary (0.9.9.1)

PLATFORMS
  ruby

DEPENDENCIES
  active_model_serializers
  acts_as_paranoid (~> 0.4.0)
  aws-sdk (~> 1.3.4)
  backbone-on-rails (~> 0.9.10.0)
  bcrypt-ruby (~> 3.0.0)
  brakeman
  bullet
  carrierwave (~> 0.9.0)
  carrierwave_backgrounder
  chartkick
  codeclimate-test-reporter
  coffee-rails (~> 3.2.1)
  dalli
  database_cleaner
  doorkeeper
  dotenv-rails (~> 0.8)!
  draper
  factory_girl_rails
  fog
  foreman
  geocoder
  groupdate
  growl
  guard
  guard-livereload
  guard-rspec (~> 4.2.10)
  haml-rails (~> 0.3.5)
  high_voltage
  i18n
  journey (~> 1.0.3)
  jquery-datatables-rails!
  jquery-rails
  libv8 (~> 3.16.14.7)
  mini_magick
  money-rails (~> 0.5.0)
  nokogiri
  omniauth
  omniauth-facebook
  pg
  pg_search
  pry
  rack-contrib
  rails (= 3.2.20)
  rb-fsevent (~> 0.9.1)
  rb-readline (~> 0.5.0)
  rdiscount
  rmagick
  rqrcode-rails3
  rspec-rails
  rspec-sidekiq
  ruby_gntp
  sass-rails (~> 3.2.3)
  should_clean
  shoulda-matchers
  sidekiq
  sidekiq-failures
  sidekiq-unique-jobs
  simplecov
  sitemap_generator
  soulmate!
  stripe!
  strong_parameters
  therubyracer (~> 0.12.1)
  uglifier (>= 1.0.3)
  unicorn
  unicorn-worker-killer
  whenever
  wicked_pdf
  will_paginate (~> 3.0)
  wkhtmltopdf-binary
